GIT
  remote: https://github.com/livingsocial/rake-pipeline.git
  revision: ee992cbcda5172075062be035bcbef2cf1b0ff5d
  specs:
    rake-pipeline (0.8.0)
      json
      rake (~> 10.0.0)
      thor

GIT
  remote: https://github.com/wycats/rake-pipeline-web-filters.git
  revision: fd8d838491bd6b8de0bab72d90115b9a4f2da8a1
  specs:
    rake-pipeline-web-filters (0.6.0)
      rack
      rake-pipeline (~> 0.6)

GEM
  remote: https://rubygems.org/
  specs:
    coffee-script (2.2.0)
      coffee-script-source
      execjs
    coffee-script-source (1.4.0)
    execjs (1.4.0)
      multi_json (~> 1.0)
    haml (4.0.0)
      tilt
    json (1.7.7)
    multi_json (1.6.1)
    rack (1.5.2)
    rake (10.0.3)
    redcarpet (2.1.1)
    sass (3.2.6)
    thor (0.17.0)
    tilt (1.3.3)

PLATFORMS
  ruby

DEPENDENCIES
  coffee-script
  haml
  rake-pipeline!
  rake-pipeline-web-filters!
  redcarpet
  sass
  tilt
